GIT
  remote: git://github.com/sinatra/sinatra.git
  revision: 7e91e6c8c30a19472232ccc47eb094bfe050869a
  specs:
    sinatra (1.3.0)
      rack (~> 1.2)
      tilt (~> 1.3)

GEM
  remote: http://rubygems.org/
  specs:
    RedCloth (4.2.7)
    configuration (1.2.0)
    haml (3.1.1)
    heroku (2.1.1)
      launchy (>= 0.3.2)
      rest-client (~> 1.6.1)
      term-ansicolor (~> 1.0.5)
    launchy (0.4.0)
      configuration (>= 0.0.5)
      rake (>= 0.8.1)
    mime-types (1.16)
    rack (1.2.2)
    rake (0.8.7)
    rest-client (1.6.1)
      mime-types (>= 1.16)
    sass (3.1.1)
    shotgun (0.9)
      rack (>= 1.0)
    term-ansicolor (1.0.5)
    tilt (1.3)

PLATFORMS
  ruby

DEPENDENCIES
  RedCloth
  haml
  heroku
  sass
  shotgun
  sinatra!
