GIT
  remote: git://github.com/sinatra/sinatra.git
  revision: 7e91e6c8c30a19472232ccc47eb094bfe050869a
  specs:
    sinatra (1.3.0)
      rack (~> 1.2)
      tilt (~> 1.3)

GEM
  remote: http://rubygems.org/
  specs:
    haml (3.1.1)
    rack (1.2.2)
    sass (3.1.1)
    shotgun (0.9)
      rack (>= 1.0)
    tilt (1.3)

PLATFORMS
  ruby

DEPENDENCIES
  haml
  sass
  shotgun
  sinatra!
